PATH
  remote: .
  specs:
    env_watermark (0.1.0)

GEM
  remote: https://rubygems.org/
  specs:
    nokogiri (1.5.2)

PLATFORMS
  ruby

DEPENDENCIES
  env_watermark!
  nokogiri
